GEM
  remote: http://rubygems.org/
  specs:
    diff-lcs (1.1.3)
    easystats (0.1.0)
    flt (1.3.0)
    git (1.2.5)
    gnuplot (2.4.1)
    jeweler (1.8.3)
      bundler (~> 1.0)
      git (>= 1.2.5)
      rake
      rdoc
    json (1.6.5)
    knut_tools (0.1.0)
    latex (0.1.3)
    log4r (1.1.10)
    nio (0.2.5)
      flt (>= 1.0.0)
    nio-percent_fmt (0.0.0)
      nio
    plusminus (0.2.0)
      nio
    rake (0.9.2.2)
    rake4latex (0.1.3)
      knut_tools
      log4r
      rake
    rcov (1.0.0)
    rdoc (3.12)
      json (~> 1.4)
    rspec (2.8.0)
      rspec-core (~> 2.8.0)
      rspec-expectations (~> 2.8.0)
      rspec-mocks (~> 2.8.0)
    rspec-core (2.8.0)
    rspec-expectations (2.8.0)
      diff-lcs (~> 1.1.2)
    rspec-mocks (2.8.0)
    to_latex (0.4.0)

PLATFORMS
  ruby

DEPENDENCIES
  bundler (~> 1.0.0)
  easystats (= 0.1.0)
  gnuplot (~> 2.4.1)
  jeweler (~> 1.8.3)
  latex (= 0.1.3)
  nio-percent_fmt (= 0.0.0)
  plusminus (= 0.2.0)
  rake4latex (= 0.1.3)
  rcov
  rdoc (~> 3.12)
  rspec (~> 2.8.0)
  to_latex (= 0.4.0)
